PATH
  remote: ../..
  specs:
    tiny_admin (0.2.0)
      phlex (~> 1)
      roda (~> 3)
      tilt (~> 2)
      zeitwerk (~> 2)

GEM
  remote: https://rubygems.org/
  specs:
    cgi (0.3.6)
    coderay (1.1.3)
    concurrent-ruby (1.2.2)
    erb (4.0.2)
      cgi (>= 0.3.3)
    faker (3.1.1)
      i18n (>= 1.8.11, < 2)
    i18n (1.12.0)
      concurrent-ruby (~> 1.0)
    method_source (1.0.0)
    phlex (1.6.1)
      concurrent-ruby (~> 1.2)
      erb (>= 4)
      zeitwerk (~> 2.6)
    pry (0.14.2)
      coderay (~> 1.1)
      method_source (~> 1.0)
    rack (3.0.7)
    rackup (2.1.0)
      rack (>= 3)
      webrick (~> 1.8)
    roda (3.66.0)
      rack
    tilt (2.1.0)
    webrick (1.8.1)
    zeitwerk (2.6.7)

PLATFORMS
  arm64-darwin-22

DEPENDENCIES
  faker
  pry
  rack
  rackup
  tiny_admin!
  webrick

BUNDLED WITH
   2.4.7
